PATH
  remote: .
  specs:
    ar_sitemapper (0.7)
      activesupport (>= 3.0, < 4.0)

GEM
  remote: https://rubygems.org/
  specs:
    activesupport (3.2.14)
      i18n (~> 0.6, >= 0.6.4)
      multi_json (~> 1.0)
    i18n (0.6.5)
    metaclass (0.0.1)
    mocha (0.14.0)
      metaclass (~> 0.0.1)
    multi_json (1.8.0)

PLATFORMS
  ruby

DEPENDENCIES
  ar_sitemapper!
  mocha
